GIT
  remote: git://github.com/hone/okyakusan.git
  revision: 764795da233ace9d45a5a0b3b85afa7d826d3b2d
  specs:
    okyakusan (0.0.1)
      netrc (~> 0.7.7)

GEM
  remote: https://rubygems.org/
  specs:
    aws-sdk (1.58.0)
      aws-sdk-v1 (= 1.58.0)
    aws-sdk-v1 (1.58.0)
      json (~> 1.4)
      nokogiri (>= 1.4.4)
    json (1.8.6)
    mini_portile (0.6.1)
    netrc (0.7.9)
    nokogiri (1.6.4.1)
      mini_portile (~> 0.6.0)
    rake (10.1.0)

PLATFORMS
  ruby

DEPENDENCIES
  aws-sdk
  okyakusan!
  rake
